GEM
  remote: http://rubygems.org/
  specs:
    RubyInline (3.8.4)
      ZenTest
    ZenTest (4.3.1)
    actionmailer (2.3.5)
      actionpack (= 2.3.5)
    actionpack (2.3.5)
      activesupport (= 2.3.5)
      rack (~> 1.0.0)
    activerecord (2.3.5)
      activesupport (= 2.3.5)
    activeresource (2.3.5)
      activesupport (= 2.3.5)
    activesupport (2.3.5)
    bson (1.0)
    bson_ext (1.0)
    capybara (0.3.9)
      culerity (>= 0.2.4)
      mime-types (>= 1.16)
      nokogiri (>= 1.3.3)
      rack (>= 1.0.0)
      rack-test (>= 0.5.4)
      selenium-webdriver (>= 0.0.3)
    carrierwave (0.4.4)
    cgi_multipart_eof_fix (2.5.0)
    culerity (0.2.10)
    daemons (1.1.0)
    devise (1.0.8)
      warden (~> 0.10.3)
    faker (0.3.1)
    fastthread (1.0.7)
    ffi (0.6.3)
      rake (>= 0.8.7)
    fleakr (0.6.3)
      activesupport (>= 2.0)
      hpricot (>= 0.6.164)
      loggable (>= 0.2.0)
    gem_plugin (0.2.3)
    haml (3.0.16)
    hpricot (0.6.164)
    i18n (0.4.1)
    image_science (1.2.1)
    jnunemaker-validatable (1.8.4)
      activesupport (>= 2.3.4)
    json_pure (1.4.6)
    loggable (0.3.0)
    machinist (1.0.6)
    machinist_mongo (1.1.0)
      machinist (~> 1.0.4)
    magic (0.2.5)
      ffi (>= 0.6.3)
    matsimitsu-risosu-san (0.1.2)
    mime-types (1.16)
    mongo (1.0)
      bson (= 1.0)
    mongo_mapper (0.7.6)
      activesupport (>= 2.3.4)
      jnunemaker-validatable (= 1.8.4)
      mongo (= 1.0)
      plucky (= 0.1.1)
    mongomapper_ext (0.3.0)
      mongo_mapper (~> 0.7)
      uuidtools (>= 2.0.0)
    mongrel (1.1.5)
      cgi_multipart_eof_fix (>= 2.4)
      daemons (>= 1.0.3)
      fastthread (>= 1.0.1)
      gem_plugin (>= 0.2.3)
    navvy (0.3.1)
    nokogiri (1.4.3.1)
    plucky (0.1.1)
      mongo (= 1.0)
    postmark (0.7.1)
      tmail
    postmark-rails (0.2.0)
      postmark
    rack (1.0.1)
    rack-test (0.5.4)
      rack (>= 1.0)
    rails (2.3.5)
      actionmailer (= 2.3.5)
      actionpack (= 2.3.5)
      activerecord (= 2.3.5)
      activeresource (= 2.3.5)
      activesupport (= 2.3.5)
      rake (>= 0.8.3)
    rake (0.8.7)
    rspec (1.3.0)
    rspec-rails (1.3.2)
      rack (>= 1.0.0)
      rspec (>= 1.3.0)
    rubyzip (0.9.4)
    scopify (0.1.3)
    selenium-webdriver (0.0.27)
      ffi (>= 0.6.1)
      json_pure
      rubyzip
    steak (0.3.8)
      rspec (>= 1.3.0)
    tmail (1.2.7.1)
    tzinfo (0.3.22)
    uuidtools (2.1.1)
    warden (0.10.7)
      rack (>= 1.0.0)
    will_paginate (2.3.14)

PLATFORMS
  ruby

DEPENDENCIES
  RubyInline
  bson_ext (= 1.0.0)
  bundler
  capybara
  carrierwave (= 0.4.4)
  devise (= 1.0.8)
  faker
  fleakr
  haml
  i18n
  image_science
  machinist_mongo (= 1.1.0)
  magic
  matsimitsu-risosu-san
  mongo_mapper (= 0.7.6)
  mongomapper_ext
  mongrel
  navvy
  postmark-rails
  rails (= 2.3.5)
  rspec-rails (= 1.3.2)
  scopify
  steak
  tzinfo
  will_paginate
